GEM
  remote: http://rubygems.org/
  specs:
    oauth (0.4.4)
    rack (1.2.2)
    sinatra (1.2.6)
      rack (~> 1.1)
      tilt (< 2.0, >= 1.2.2)
    tilt (1.3)

PLATFORMS
  ruby

DEPENDENCIES
  oauth
  sinatra
